GIT
  remote: foobara
  revision: bed98da02523603da9278202fc01c01b4c24f00f
  branch: main
  specs:
    foobara (0.0.1)

GIT
  remote: https://github.com/foobara/command-generator.git
  revision: c6fc74904e2efb0e2c2d8335905202b34018737c
  specs:
    foobara-command-generator (0.0.1)

GIT
  remote: https://github.com/foobara/domain-generator.git
  revision: 7b6acd6ce9f1c9426e9daf8db7e6fdc01b7661ac
  specs:
    foobara-domain-generator (0.0.1)

GIT
  remote: https://github.com/foobara/empty-ruby-project-generator.git
  revision: ba6168de44e9e08b111ecc42b913fb2f54114fb6
  specs:
    foobara-empty-ruby-project-generator (0.1.0)

GIT
  remote: https://github.com/foobara/files-generator.git
  revision: 5ee0b37ee246a652d86c0239e573d7818d4c0964
  specs:
    foobara-files-generator (0.1.0)

GIT
  remote: https://github.com/foobara/foob.git
  revision: 745e6f312e9fce0bcad784e1fcf55bd855ea0cb6
  specs:
    foobara-foob (0.0.1)

GIT
  remote: https://github.com/foobara/organization-generator.git
  revision: 20425897e76d22bce60655f4365c90b16f127698
  specs:
    foobara-organization-generator (0.0.1)

GIT
  remote: https://github.com/foobara/rubocop-rules.git
  revision: e9d8f5c45ea37810f369d1c2f46e3e386d5abb2c
  specs:
    foobara-rubocop-rules (0.0.1)
      rubocop
      rubocop-rspec

GIT
  remote: https://github.com/foobara/remote-imports.git
  revision: 78ff61ace804add30060043b663f48e5fc39fa3f
  specs:
    foobara-remote-imports (0.1.0)

GIT
  remote: https://github.com/foobara/spec-helpers.git
  revision: e4ecc7b01a73b08dc12bd7422162a6afb0abec89
  specs:
    foobara-spec-helpers (0.1.0)

GIT
  remote: https://github.com/foobara/util.git
  revision: b2e2e9c04d866b26c21b6e223bc359c76fcea0f8
  specs:
    foobara-util (0.1.0)

PATH
  remote: .
  specs:
    test-org-test-domain (0.0.1)

GEM
  remote: https://rubygems.org/
  specs:
    ast (2.4.2)
    byebug (11.1.3)
    coderay (1.1.3)
    diff-lcs (1.5.1)
    docile (1.4.0)
    ffi (1.16.3)
    formatador (1.1.0)
    guard (2.18.1)
      formatador (>= 0.2.4)
      listen (>= 2.7, < 4.0)
      lumberjack (>= 1.0.12, < 2.0)
      nenv (~> 0.1)
      notiffany (~> 0.0)
      pry (>= 0.13.0)
      shellany (~> 0.0)
      thor (>= 0.18.1)
    guard-compat (1.2.1)
    guard-rspec (4.7.3)
      guard (~> 2.1)
      guard-compat (~> 1.1)
      rspec (>= 2.99.0, < 4.0)
    json (2.7.1)
    language_server-protocol (3.17.0.3)
    listen (3.9.0)
      rb-fsevent (~> 0.10, >= 0.10.3)
      rb-inotify (~> 0.9, >= 0.9.10)
    lumberjack (1.2.10)
    method_source (1.0.0)
    nenv (0.3.0)
    notiffany (0.1.3)
      nenv (~> 0.1)
      shellany (~> 0.0)
    parallel (1.24.0)
    parser (3.3.0.5)
      ast (~> 2.4.1)
      racc
    pry (0.14.2)
      coderay (~> 1.1)
      method_source (~> 1.0)
    pry-byebug (3.10.1)
      byebug (~> 11.0)
      pry (>= 0.13, < 0.15)
    racc (1.7.3)
    rainbow (3.1.1)
    rake (13.1.0)
    rb-fsevent (0.11.2)
    rb-inotify (0.10.1)
      ffi (~> 1.0)
    regexp_parser (2.9.0)
    rexml (3.2.6)
    rspec (3.13.0)
      rspec-core (~> 3.13.0)
      rspec-expectations (~> 3.13.0)
      rspec-mocks (~> 3.13.0)
    rspec-core (3.13.0)
      rspec-support (~> 3.13.0)
    rspec-expectations (3.13.0)
      diff-lcs (>= 1.2.0, < 2.0)
      rspec-support (~> 3.13.0)
    rspec-its (1.3.0)
      rspec-core (>= 3.0.0)
      rspec-expectations (>= 3.0.0)
    rspec-mocks (3.13.0)
      diff-lcs (>= 1.2.0, < 2.0)
      rspec-support (~> 3.13.0)
    rspec-support (3.13.1)
    rubocop (1.62.0)
      json (~> 2.3)
      language_server-protocol (>= 3.17.0)
      parallel (~> 1.10)
      parser (>= 3.3.0.2)
      rainbow (>= 2.2.2, < 4.0)
      regexp_parser (>= 1.8, < 3.0)
      rexml (>= 3.2.5, < 4.0)
      rubocop-ast (>= 1.31.1, < 2.0)
      ruby-progressbar (~> 1.7)
      unicode-display_width (>= 2.4.0, < 3.0)
    rubocop-ast (1.31.1)
      parser (>= 3.3.0.4)
    rubocop-capybara (2.20.0)
      rubocop (~> 1.41)
    rubocop-factory_bot (2.25.1)
      rubocop (~> 1.41)
    rubocop-rake (0.6.0)
      rubocop (~> 1.0)
    rubocop-rspec (2.27.1)
      rubocop (~> 1.40)
      rubocop-capybara (~> 2.17)
      rubocop-factory_bot (~> 2.22)
    ruby-progressbar (1.13.0)
    shellany (0.0.1)
    simplecov (0.22.0)
      docile (~> 1.1)
      simplecov-html (~> 0.11)
      simplecov_json_formatter (~> 0.1)
    simplecov-html (0.12.3)
    simplecov_json_formatter (0.1.4)
    thor (1.3.1)
    unicode-display_width (2.5.0)

PLATFORMS
  x86_64-linux

DEPENDENCIES
  foobara!
  foobara-command-generator!
  foobara-domain-generator!
  foobara-empty-ruby-project-generator!
  foobara-files-generator!
  foobara-foob!
  foobara-organization-generator!
  foobara-rubocop-rules!
  foobara-remote-imports!
  foobara-spec-helpers!
  foobara-util!
  guard-rspec
  pry
  pry-byebug
  rake
  rspec
  rspec-its
  rubocop-rake
  rubocop-rspec
  simplecov
  test-org-test-domain!

RUBY VERSION
   ruby 3.2.2p53

BUNDLED WITH
   2.4.14
